PATH
  remote: .
  specs:
    rdf-resource (0.0.1)
      addressable (~> 2.3)
      dalli (~> 2.7.2)
      dotenv
      json
      linkeddata (~> 1.0)
      pry
      pry-doc
      rack-cache (~> 1.2)
      rdf-iiif
      rdf-vocab (~> 0.5)
      rest-client (~> 1.7.2)
      rest-client-components (~> 1.0)
      uuid

GEM
  remote: https://rubygems.org/
  specs:
    addressable (2.3.8)
    builder (3.2.2)
    celluloid (0.16.0)
      timers (~> 4.0.0)
    coderay (1.1.0)
    coveralls (0.7.12)
      multi_json (~> 1.10)
      rest-client (>= 1.6.8, < 2)
      simplecov (~> 0.9.1)
      term-ansicolor (~> 1.3)
      thor (~> 0.19.1)
    dalli (2.7.4)
    diff-lcs (1.2.5)
    docile (1.1.5)
    dotenv (2.0.0)
    ebnf (0.3.7)
      haml (~> 4.0)
      rdf (~> 1.1)
      sxp (~> 0.1, >= 0.1.3)
    equivalent-xml (0.5.1)
      nokogiri (>= 1.4.3)
    ffi (1.9.8)
    formatador (0.2.5)
    guard (2.12.5)
      formatador (>= 0.2.4)
      listen (~> 2.7)
      lumberjack (~> 1.0)
      nenv (~> 0.1)
      notiffany (~> 0.0)
      pry (>= 0.9.12)
      shellany (~> 0.0)
      thor (>= 0.18.1)
    guard-compat (1.2.1)
    guard-ctags-bundler (1.4.0)
      guard (>= 2.0)
      guard-compat (>= 0.1.0)
    haml (4.0.6)
      tilt
    hitimes (1.2.2)
    htmlentities (4.3.3)
    json (1.8.2)
    json-ld (1.1.8)
      rdf (~> 1.1, >= 1.1.7)
    link_header (0.0.8)
    linkeddata (1.1.2)
      equivalent-xml (~> 0.4)
      json-ld (~> 1.1, >= 1.1.7)
      nokogiri (~> 1.6)
      rdf (~> 1.1, >= 1.1.7)
      rdf-aggregate-repo (~> 1.1)
      rdf-isomorphic (~> 1.1)
      rdf-json (~> 1.1)
      rdf-microdata (~> 2.0)
      rdf-n3 (~> 1.1)
      rdf-rdfa (~> 1.1, >= 1.1.5)
      rdf-rdfxml (~> 1.1, >= 1.1.3)
      rdf-reasoner (~> 0.2, >= 0.2.1)
      rdf-trig (~> 1.1, >= 1.1.3)
      rdf-trix (~> 1.1)
      rdf-turtle (~> 1.1, >= 1.1.5)
      sparql (~> 1.1, >= 1.1.4)
      sparql-client (~> 1.1, >= 1.1.3)
    listen (2.10.0)
      celluloid (~> 0.16.0)
      rb-fsevent (>= 0.9.3)
      rb-inotify (>= 0.9)
    lumberjack (1.0.9)
    macaddr (1.7.1)
      systemu (~> 2.6.2)
    method_source (0.8.2)
    mime-types (2.4.3)
    mini_portile (0.6.2)
    multi_json (1.11.0)
    nenv (0.2.0)
    net-http-persistent (2.9.4)
    netrc (0.10.3)
    nokogiri (1.6.6.2)
      mini_portile (~> 0.6.0)
    notiffany (0.0.6)
      nenv (~> 0.1)
      shellany (~> 0.0)
    pry (0.10.1)
      coderay (~> 1.1.0)
      method_source (~> 0.8.1)
      slop (~> 3.4)
    pry-doc (0.6.0)
      pry (~> 0.9)
      yard (~> 0.8)
    rack (1.6.0)
    rack-cache (1.2)
      rack (>= 0.4)
    rake (10.4.2)
    rb-fsevent (0.9.4)
    rb-inotify (0.9.5)
      ffi (>= 0.5.0)
    rdf (1.1.10)
      link_header (~> 0.0, >= 0.0.8)
    rdf-aggregate-repo (1.1.0)
      rdf (>= 1.1)
    rdf-iiif (0.0.2)
      rdf
    rdf-isomorphic (1.1.0)
      rdf (>= 1.1)
    rdf-json (1.1.1)
      rdf (~> 1.1)
    rdf-microdata (2.0)
      htmlentities (~> 4.3)
      nokogiri (~> 1.6)
      rdf (~> 1.1)
      rdf-xsd (~> 1.1)
    rdf-n3 (1.1.2)
      rdf (~> 1.1, >= 1.1.5)
    rdf-rdfa (1.1.5)
      haml (~> 4.0)
      htmlentities (~> 4.3)
      rdf (~> 1.1, >= 1.1.6)
      rdf-aggregate-repo
      rdf-xsd (~> 1.1)
    rdf-rdfxml (1.1.3)
      htmlentities (~> 4.3)
      rdf (~> 1.1, >= 1.1.6)
      rdf-rdfa (~> 1.1, >= 1.1.4.1)
      rdf-xsd (~> 1.1)
    rdf-reasoner (0.2.1)
      rdf (~> 1.1, >= 1.1.4.2)
      rdf-turtle (~> 1.1)
      rdf-xsd (~> 1.1)
    rdf-trig (1.1.3.1)
      ebnf (~> 0.3, >= 0.3.5)
      rdf (~> 1.1, >= 1.1.2.1)
      rdf-turtle (~> 1.1, >= 1.1.3)
    rdf-trix (1.1.0)
      rdf (>= 1.1)
    rdf-turtle (1.1.5)
      ebnf (~> 0.3, >= 0.3.6)
      rdf (~> 1.1, >= 1.1.4)
    rdf-vocab (0.7.0)
      linkeddata
    rdf-xsd (1.1.3)
      rdf (~> 1.1, >= 1.1.9)
    rest-client (1.7.3)
      mime-types (>= 1.16, < 3.0)
      netrc (~> 0.7)
    rest-client-components (1.3.0)
      rack (>= 1.0.1)
      rest-client (>= 1.6.0)
    rspec (3.2.0)
      rspec-core (~> 3.2.0)
      rspec-expectations (~> 3.2.0)
      rspec-mocks (~> 3.2.0)
    rspec-core (3.2.2)
      rspec-support (~> 3.2.0)
    rspec-expectations (3.2.0)
      diff-lcs (>= 1.2.0, < 2.0)
      rspec-support (~> 3.2.0)
    rspec-mocks (3.2.1)
      diff-lcs (>= 1.2.0, < 2.0)
      rspec-support (~> 3.2.0)
    rspec-support (3.2.2)
    shellany (0.0.1)
    simplecov (0.9.2)
      docile (~> 1.1.0)
      multi_json (~> 1.0)
      simplecov-html (~> 0.9.0)
    simplecov-html (0.9.0)
    slop (3.6.0)
    sparql (1.1.4)
      builder (~> 3.0)
      ebnf (~> 0.3, >= 0.3.5)
      rdf (~> 1.1, >= 1.1.4)
      rdf-aggregate-repo (~> 1.1, >= 1.1.0)
      rdf-xsd (~> 1.1)
      sparql-client (~> 1.1)
      sxp (~> 0.1)
    sparql-client (1.1.4)
      net-http-persistent (~> 2.9)
      rdf (~> 1.1)
    sxp (0.1.5)
    systemu (2.6.5)
    term-ansicolor (1.3.0)
      tins (~> 1.0)
    thor (0.19.1)
    tilt (2.0.1)
    timers (4.0.1)
      hitimes
    tins (1.3.5)
    uuid (2.3.7)
      macaddr (~> 1.0)
    yard (0.8.7.6)

PLATFORMS
  ruby

DEPENDENCIES
  coveralls
  guard
  guard-ctags-bundler
  rake
  rdf-resource!
  rspec
